GEM
  remote: https://rubygems.org/
  specs:
    iodine (0.1.8)
    plezi (0.12.5)
      iodine (~> 0.1.8)

PLATFORMS
  ruby

DEPENDENCIES
  plezi (~> 0.12.5)

BUNDLED WITH
   1.10.6
